GEM
  remote: https://rubygems.org/
  specs:
    symbolic (0.3.8)

PLATFORMS
  ruby

DEPENDENCIES
  symbolic

BUNDLED WITH
   1.13.7
